GEM
  remote: http://rubygems.org/
  specs:
    RedCloth (4.2.9)
    RedCloth (4.2.9-java)
    activemodel (3.2.3)
      activesupport (= 3.2.3)
      builder (~> 3.0.0)
    activerecord (3.2.3)
      activemodel (= 3.2.3)
      activesupport (= 3.2.3)
      arel (~> 3.0.2)
      tzinfo (~> 0.3.29)
    activerecord-jdbc-adapter (1.2.2)
    activerecord-jdbcpostgresql-adapter (1.2.2)
      activerecord-jdbc-adapter (~> 1.2.2)
      jdbc-postgres (>= 9.0, < 9.2)
    activesupport (3.2.3)
      i18n (~> 0.6)
      multi_json (~> 1.0)
    arel (3.0.2)
    builder (3.0.0)
    diff-lcs (1.1.3)
    factory_girl (3.3.0)
      activesupport (>= 3.0.0)
    git (1.2.5)
    i18n (0.6.0)
    jdbc-postgres (9.1.901)
    jeweler (1.8.3)
      bundler (~> 1.0)
      git (>= 1.2.5)
      rake
      rdoc
    json (1.7.3)
    json (1.7.3-java)
    multi_json (1.3.5)
    pg (0.13.2)
    rake (0.9.2.2)
    rdoc (3.12)
      json (~> 1.4)
    rspec (2.10.0)
      rspec-core (~> 2.10.0)
      rspec-expectations (~> 2.10.0)
      rspec-mocks (~> 2.10.0)
    rspec-core (2.10.0)
    rspec-expectations (2.10.0)
      diff-lcs (~> 1.1.3)
    rspec-mocks (2.10.1)
    tzinfo (0.3.33)
    yard (0.8.1)

PLATFORMS
  java
  ruby

DEPENDENCIES
  RedCloth
  activerecord (>= 3.0)
  activerecord-jdbcpostgresql-adapter
  activesupport (>= 3.0)
  factory_girl
  jeweler
  pg
  rspec
  yard
